GEM
  remote: https://rubygems.org/
  specs:
    ffi (1.9.24)

PLATFORMS
  ruby

DEPENDENCIES
  ffi (= 1.9.24)

BUNDLED WITH
   1.17.3
